GEM
  remote: https://rubygems.org/
  specs:
    concurrent-ruby (1.1.6)
    cool.io (1.6.0)
    fluent-mixin-rewrite-tag-name (0.1.0)
      fluentd
    fluent-plugin-anonymizer (1.0.0)
      fluent-mixin-rewrite-tag-name
      fluentd
    fluent-plugin-concat (2.4.0)
      fluentd (>= 0.14.0, < 2)
    fluentd (1.11.1)
      cool.io (>= 1.4.5, < 2.0.0)
      http_parser.rb (>= 0.5.1, < 0.7.0)
      msgpack (>= 1.3.1, < 2.0.0)
      serverengine (>= 2.0.4, < 3.0.0)
      sigdump (~> 0.2.2)
      strptime (>= 0.2.2, < 1.0.0)
      tzinfo (>= 1.0, < 3.0)
      tzinfo-data (~> 1.0)
      yajl-ruby (~> 1.0)
    http_parser.rb (0.6.0)
    msgpack (1.3.3)
    oj (3.10.6)
    serverengine (2.2.1)
      sigdump (~> 0.2.2)
    sigdump (0.2.4)
    strptime (0.2.4)
    tzinfo (2.0.2)
      concurrent-ruby (~> 1.0)
    tzinfo-data (1.2020.1)
      tzinfo (>= 1.0.0)
    yajl-ruby (1.4.1)

PLATFORMS
  ruby

DEPENDENCIES
  fluent-plugin-anonymizer
  fluent-plugin-concat
  oj

BUNDLED WITH
   2.1.4
